GEM
  remote: https://rubygems.org/
  specs:
    abstract_type (0.0.7)
    activesupport (4.2.0)
      i18n (~> 0.7)
      json (~> 1.7, >= 1.7.7)
      minitest (~> 5.1)
      thread_safe (~> 0.3, >= 0.3.4)
      tzinfo (~> 1.1)
    adamantium (0.2.0)
      ice_nine (~> 0.11.0)
      memoizable (~> 0.4.0)
    ast (2.0.0)
    astrolabe (1.3.0)
      parser (>= 2.2.0.pre.3, < 3.0)
    axiom-types (0.1.1)
      descendants_tracker (~> 0.0.4)
      ice_nine (~> 0.11.0)
      thread_safe (~> 0.3, >= 0.3.1)
    backports (3.6.4)
    blankslate (2.1.2.4)
    builder (3.2.2)
    cane (2.6.2)
      parallel
    capistrano (2.15.5)
      highline
      net-scp (>= 1.0.0)
      net-sftp (>= 2.0.0)
      net-ssh (>= 2.0.14)
      net-ssh-gateway (>= 1.1.0)
    capistrano-ext (1.2.1)
      capistrano (>= 1.0.0)
    coderay (1.1.0)
    coercible (1.0.0)
      descendants_tracker (~> 0.0.1)
    concord (0.1.5)
      adamantium (~> 0.2.0)
      equalizer (~> 0.0.9)
    database_cleaner (1.4.1)
    descendants_tracker (0.0.4)
      thread_safe (~> 0.3, >= 0.3.1)
    diff-lcs (1.2.5)
    docile (1.1.5)
    edn (1.0.0)
      parslet (~> 1.4.0)
    equalizer (0.0.9)
    factory_girl (4.5.0)
      activesupport (>= 3.0.0)
    ffi (1.9.8-java)
    ffi-locale (1.0.1)
      ffi (>= 1.0.9)
    ffi-ncurses (0.4.0)
      ffi (>= 1.0.9)
      ffi-locale (>= 1.0.0)
    grape (0.11.0)
      activesupport
      builder
      hashie (>= 2.1.0)
      multi_json (>= 1.3.2)
      multi_xml (>= 0.5.2)
      rack (>= 1.3.0)
      rack-accept
      rack-mount
      virtus (>= 1.0.0)
    grape-entity (0.4.5)
      activesupport
      multi_json (>= 1.3.2)
    grape-swagger (0.10.1)
      grape (>= 0.8.0)
      grape-entity
    hashie (3.4.0)
    highline (1.7.1)
    i18n (0.7.0)
    ice_nine (0.11.1)
    jruby-lint (0.4.1)
      jruby-openssl
      nokogiri (>= 1.5.0.beta.4)
      term-ansicolor
    jruby-openssl (0.9.6-java)
    jruby-rack (1.1.18)
    json (1.8.2-java)
    json_spec (1.1.4)
      multi_json (~> 1.0)
      rspec (>= 2.0, < 4.0)
    memoizable (0.4.2)
      thread_safe (~> 0.3, >= 0.3.1)
    method_source (0.8.2)
    minitest (5.5.1)
    multi_json (1.11.0)
    multi_xml (0.5.5)
    net-scp (1.2.1)
      net-ssh (>= 2.6.5)
    net-sftp (2.1.2)
      net-ssh (>= 2.6.5)
    net-ssh (2.9.2)
    net-ssh-gateway (1.2.0)
      net-ssh (>= 2.6.5)
    nokogiri (1.6.6.2-java)
    parallel (1.4.1)
    parser (2.2.0.3)
      ast (>= 1.1, < 3.0)
    parslet (1.4.0)
      blankslate (~> 2.0)
    powerpack (0.1.0)
    procto (0.0.2)
    pry (0.10.1-java)
      coderay (~> 1.1.0)
      method_source (~> 0.8.1)
      slop (~> 3.4)
      spoon (~> 0.0)
    pry-nav (0.2.4)
      pry (>= 0.9.10, < 0.11.0)
    rack (1.6.0)
    rack-accept (0.4.5)
      rack (>= 0.4)
    rack-cors (0.3.1)
    rack-mount (0.8.3)
      rack (>= 1.0.0)
    rack-protection (1.5.3)
      rack
    rack-test (0.6.3)
      rack (>= 1.0)
    rainbow (2.0.0)
    rake (10.4.2)
    reek (2.0.2)
      parser (~> 2.2)
      rainbow (~> 2.0)
      require_all (~> 1.3)
      unparser (~> 0.2.2)
    require_all (1.3.2)
    rspec (3.2.0)
      rspec-core (~> 3.2.0)
      rspec-expectations (~> 3.2.0)
      rspec-mocks (~> 3.2.0)
    rspec-core (3.2.2)
      rspec-support (~> 3.2.0)
    rspec-expectations (3.2.0)
      diff-lcs (>= 1.2.0, < 2.0)
      rspec-support (~> 3.2.0)
    rspec-mocks (3.2.1)
      diff-lcs (>= 1.2.0, < 2.0)
      rspec-support (~> 3.2.0)
    rspec-support (3.2.2)
    rubocop (0.29.1)
      astrolabe (~> 1.3)
      parser (>= 2.2.0.1, < 3.0)
      powerpack (~> 0.1)
      rainbow (>= 1.99.1, < 3.0)
      ruby-progressbar (~> 1.4)
    ruby-progressbar (1.7.1)
    simplecov (0.9.2)
      docile (~> 1.1.0)
      multi_json (~> 1.0)
      simplecov-html (~> 0.9.0)
    simplecov-html (0.9.0)
    sinatra (1.4.5)
      rack (~> 1.4)
      rack-protection (~> 1.4)
      tilt (~> 1.3, >= 1.3.4)
    sinatra-contrib (1.4.2)
      backports (>= 2.0)
      multi_json
      rack-protection
      rack-test
      sinatra (~> 1.4.0)
      tilt (~> 1.3)
    slop (3.6.0)
    spoon (0.0.4)
      ffi
    term-ansicolor (1.3.0)
      tins (~> 1.0)
    thor (0.19.1)
    thread_safe (0.3.5-java)
    tilt (1.4.1)
    tins (1.3.5)
    torquebox (3.1.0)
      thor (>= 0.14.6)
      torquebox-cache (= 3.1.0)
      torquebox-configure (= 3.1.0)
      torquebox-core (= 3.1.0)
      torquebox-messaging (= 3.1.0)
      torquebox-naming (= 3.1.0)
      torquebox-rake-support (= 3.1.0)
      torquebox-security (= 3.1.0)
      torquebox-stomp (= 3.1.0)
      torquebox-transactions (= 3.1.0)
      torquebox-web (= 3.1.0)
    torquebox-cache (3.1.0-java)
      torquebox-core (= 3.1.0)
      torquebox-transactions (= 3.1.0)
    torquebox-capistrano-support (3.1.1)
    torquebox-configure (3.1.0-java)
      blankslate (= 2.1.2.4)
    torquebox-core (3.1.0-java)
      edn (= 1.0.0)
    torquebox-messaging (3.1.0-java)
      torquebox-core (= 3.1.0)
      torquebox-transactions (= 3.1.0)
    torquebox-naming (3.1.0-java)
      torquebox-core (= 3.1.0)
    torquebox-rake-support (3.1.0)
      rake (>= 0.8.7)
    torquebox-security (3.1.0-java)
      torquebox-core (= 3.1.0)
    torquebox-stomp (3.1.0)
      torquebox-core (= 3.1.0)
      torquebox-messaging (= 3.1.0)
    torquebox-transactions (3.1.0)
      torquebox-core (= 3.1.0)
    torquebox-web (3.1.0-java)
    trinidad (1.4.6)
      jruby-rack (~> 1.1.13)
      trinidad_jars (>= 1.3.0, < 1.5.0)
    trinidad_jars (1.4.0)
    tzinfo (1.2.2)
      thread_safe (~> 0.1)
    unparser (0.2.2)
      abstract_type (~> 0.0.7)
      adamantium (~> 0.2.0)
      concord (~> 0.1.5)
      diff-lcs (~> 1.2.5)
      equalizer (~> 0.0.9)
      parser (~> 2.2.0.2)
      procto (~> 0.0.2)
    virtus (1.0.4)
      axiom-types (~> 0.1)
      coercible (~> 1.0)
      descendants_tracker (~> 0.0, >= 0.0.3)
      equalizer (~> 0.0, >= 0.0.9)

PLATFORMS
  java

DEPENDENCIES
  activesupport
  cane
  capistrano (= 2.15.5)
  capistrano-ext
  database_cleaner
  factory_girl
  ffi-ncurses
  grape
  grape-swagger
  jruby-lint
  jruby-openssl
  json_spec
  pry
  pry-nav
  rack-cors
  rack-test
  rake (= 10.4.2)
  reek
  rspec
  rubocop
  simplecov
  sinatra
  sinatra-contrib
  torquebox
  torquebox-capistrano-support (= 3.1.1)
  trinidad
